GEM
  remote: https://rubygems.org/
  specs:
    dotenv (3.1.7)
    pkce_challenge (1.0.0)

PLATFORMS
  arm64-darwin-24
  ruby

DEPENDENCIES
  dotenv
  pkce_challenge (~> 1.0)

BUNDLED WITH
   2.6.3
